GEM
  remote: https://rubygems.org/
  specs:
    comp_tree (1.1.3)
    diff-lcs (1.2.5)
    drake (0.9.2.0.3.1)
      comp_tree (>= 1.1.3)
    json (2.1.0)
    mime-types (1.25)
    rack (1.6.8)
    rake (12.0.0)
    rspec (2.14.1)
      rspec-core (~> 2.14.0)
      rspec-expectations (~> 2.14.0)
      rspec-mocks (~> 2.14.0)
    rspec-core (2.14.8)
    rspec-expectations (2.14.5)
      diff-lcs (>= 1.1.3, < 2.0)
    rspec-mocks (2.14.6)

PLATFORMS
  ruby

DEPENDENCIES
  drake
  json
  mime-types (= 1.25)
  rack
  rake
  rspec (= 2.14.1)

BUNDLED WITH
   1.15.4
